PATH
  remote: .
  specs:
    dapr-client (0.4.0)
      google-protobuf

GEM
  remote: https://rubygems.org/
  specs:
    diff-lcs (1.4.4)
    google-protobuf (3.15.8)
    googleapis-common-protos-types (1.0.6)
      google-protobuf (~> 3.14)
    grpc (1.37.0)
      google-protobuf (~> 3.15)
      googleapis-common-protos-types (~> 1.0)
    grpc-tools (1.37.0)
    rake (13.0.3)
    rspec (3.10.0)
      rspec-core (~> 3.10.0)
      rspec-expectations (~> 3.10.0)
      rspec-mocks (~> 3.10.0)
    rspec-core (3.10.1)
      rspec-support (~> 3.10.0)
    rspec-expectations (3.10.1)
      diff-lcs (>= 1.2.0, < 2.0)
      rspec-support (~> 3.10.0)
    rspec-mocks (3.10.2)
      diff-lcs (>= 1.2.0, < 2.0)
      rspec-support (~> 3.10.0)
    rspec-support (3.10.2)

PLATFORMS
  ruby

DEPENDENCIES
  bundler (~> 2.1)
  dapr-client!
  grpc
  grpc-tools
  rake (>= 12.3.3)
  rspec (~> 3.0)

BUNDLED WITH
   2.2.16
